PATH
  remote: .
  specs:
    train-juniper (0.7.2)
      ffi (>= 1.15.5, < 1.18.0)
      net-ssh (>= 2.9, < 8.0)
      train-core (~> 3.12.13)

GEM
  remote: https://rubygems.org/
  specs:
    addressable (2.8.7)
      public_suffix (>= 2.0.2, < 7.0)
    ast (2.4.3)
    bundler-audit (0.9.2)
      bundler (>= 1.2.0, < 3)
      thor (~> 1.0)
    byebug (11.1.3)
    chef-utils (18.7.10)
      concurrent-ruby
    concurrent-ruby (1.3.5)
    csv (3.3.5)
    docile (1.4.1)
    ffi (1.17.2)
    ffi (1.17.2-aarch64-linux-gnu)
    ffi (1.17.2-arm64-darwin)
    ffi (1.17.2-x64-mingw-ucrt)
    ffi (1.17.2-x86_64-darwin)
    ffi (1.17.2-x86_64-linux-gnu)
    ffi (1.17.2-x86_64-linux-musl)
    ffi-win32-extensions (1.0.4)
      ffi
    json (2.12.2)
    language_server-protocol (3.17.0.5)
    license_finder (7.2.1)
      bundler
      csv (~> 3.2)
      rubyzip (>= 1, < 3)
      thor (~> 1.2)
      tomlrb (>= 1.3, < 2.1)
      with_env (= 1.1.0)
      xml-simple (~> 1.1.9)
    lint_roller (1.1.0)
    minitest (5.25.5)
    mixlib-shellout (3.3.9)
      chef-utils
    mixlib-shellout (3.3.9-x64-mingw-ucrt)
      chef-utils
      ffi-win32-extensions (~> 1.0.3)
      win32-process (~> 0.9)
      wmi-lite (~> 1.0)
    mocha (2.7.1)
      ruby2_keywords (>= 0.0.5)
    net-scp (4.1.0)
      net-ssh (>= 2.6.5, < 8.0.0)
    net-ssh (7.3.0)
    parallel (1.27.0)
    parser (3.3.8.0)
      ast (~> 2.4.1)
      racc
    prism (1.4.0)
    public_suffix (6.0.2)
    racc (1.8.1)
    rainbow (3.1.1)
    rake (13.3.0)
    redcarpet (3.6.1)
    regexp_parser (2.10.0)
    rexml (3.4.1)
    rubocop (1.76.2)
      json (~> 2.3)
      language_server-protocol (~> 3.17.0.2)
      lint_roller (~> 1.1.0)
      parallel (~> 1.10)
      parser (>= 3.3.0.2)
      rainbow (>= 2.2.2, < 4.0)
      regexp_parser (>= 2.9.3, < 3.0)
      rubocop-ast (>= 1.45.1, < 2.0)
      ruby-progressbar (~> 1.7)
      unicode-display_width (>= 2.4.0, < 4.0)
    rubocop-ast (1.45.1)
      parser (>= 3.3.7.2)
      prism (~> 1.4)
    ruby-progressbar (1.13.0)
    ruby2_keywords (0.0.5)
    rubyzip (2.4.1)
    simplecov (0.22.0)
      docile (~> 1.1)
      simplecov-html (~> 0.11)
      simplecov_json_formatter (~> 0.1)
    simplecov-html (0.13.1)
    simplecov_json_formatter (0.1.4)
    thor (1.3.2)
    tomlrb (2.0.3)
    train-core (3.12.13)
      addressable (~> 2.5)
      ffi (!= 1.13.0)
      json (>= 1.8, < 3.0)
      mixlib-shellout (>= 2.0, < 4.0)
      net-scp (>= 1.2, < 5.0)
      net-ssh (>= 2.9, < 8.0)
    unicode-display_width (3.1.4)
      unicode-emoji (~> 4.0, >= 4.0.4)
    unicode-emoji (4.0.4)
    win32-process (0.10.0)
      ffi (>= 1.0.0)
    with_env (1.1.0)
    wmi-lite (1.0.7)
    xml-simple (1.1.9)
      rexml
    yard (0.9.37)

PLATFORMS
  aarch64-linux
  arm64-darwin-23
  arm64-darwin-24
  ruby
  x64-mingw-ucrt
  x86_64-darwin
  x86_64-freebsd
  x86_64-linux
  x86_64-linux-musl
  x86_64-solaris

DEPENDENCIES
  bundler (~> 2.0)
  bundler-audit (~> 0.9)
  byebug (~> 11.1)
  license_finder
  minitest (~> 5.0)
  mocha (~> 2.0)
  rake (~> 13.0)
  redcarpet (~> 3.5)
  rubocop (~> 1.0)
  simplecov (~> 0.22)
  train-juniper!
  yard (~> 0.9)

BUNDLED WITH
   2.4.22
